GEM
  remote: https://rubygems.org/
  specs:
    id3tag (0.1.1)

PLATFORMS
  ruby

DEPENDENCIES
  id3tag
